GEM
  remote: http://rubygems.org/
  specs:
    aws-sdk (1.3.9)
      httparty (~> 0.7)
      json (~> 1.4)
      nokogiri (>= 1.4.4)
      uuidtools (~> 2.1)
    builder (3.0.0)
    diff-lcs (1.1.3)
    git (1.2.5)
    httparty (0.8.1)
      multi_json
      multi_xml
    jeweler (1.8.3)
      bundler (~> 1.0)
      git (>= 1.2.5)
      rake
      rdoc
    json (1.6.6)
    multi_json (1.2.0)
    multi_xml (0.4.2)
    nokogiri (1.5.2)
    rake (0.9.2.2)
    rcov (0.9.9)
    rdoc (3.12)
      json (~> 1.4)
    rspec (2.9.0)
      rspec-core (~> 2.9.0)
      rspec-expectations (~> 2.9.0)
      rspec-mocks (~> 2.9.0)
    rspec-core (2.9.0)
    rspec-expectations (2.9.1)
      diff-lcs (~> 1.1.3)
    rspec-mocks (2.9.0)
    rspec-spies (2.1.0)
      rspec (~> 2.0)
    uuidtools (2.1.2)

PLATFORMS
  ruby

DEPENDENCIES
  aws-sdk
  builder
  jeweler (~> 1.8.3)
  rcov (= 0.9.9)
  rspec (>= 2.8.0)
  rspec-mocks (>= 2.9.0)
  rspec-spies (>= 2.1.0)
